GIT
  remote: git://github.com/dolores/crowdflower-messageservice.git
  revision: 057a5dad28c83f41bc18419259c37b5b508e6e17
  specs:
    crowdflower-messageservice (0.0.5)
      crowdflower
      redis
      redis_support
      resque
      resque-scheduler

GEM
  remote: http://rubygems.org/
  specs:
    addressable (2.2.6)
    crowdflower (0.6.8)
      httparty (>= 0.7.4)
    heroku (2.11.0)
      launchy (>= 0.3.2)
      rest-client (~> 1.6.1)
      rubyzip
      term-ansicolor (~> 1.0.5)
    httparty (0.8.1)
      multi_json
      multi_xml
    launchy (2.0.5)
      addressable (~> 2.2.6)
    mime-types (1.17.2)
    multi_json (1.0.3)
    multi_xml (0.4.1)
    rack (1.3.5)
    rack-protection (1.1.4)
      rack
    rake (0.9.2.2)
    redis (2.2.2)
    redis-namespace (1.0.3)
      redis (< 3.0.0)
    redis_support (0.0.16)
      rake
      redis (>= 1.0.4)
    resque (1.19.0)
      multi_json (~> 1.0)
      redis-namespace (~> 1.0.2)
      sinatra (>= 0.9.2)
      vegas (~> 0.1.2)
    resque-scheduler (1.9.9)
      redis (>= 2.0.1)
      resque (>= 1.8.0)
      rufus-scheduler
    rest-client (1.6.7)
      mime-types (>= 1.16)
    rubyzip (0.9.4)
    rufus-scheduler (2.0.12)
      tzinfo (>= 0.3.23)
    sinatra (1.3.1)
      rack (~> 1.3, >= 1.3.4)
      rack-protection (~> 1.1, >= 1.1.2)
      tilt (~> 1.3, >= 1.3.3)
    term-ansicolor (1.0.7)
    tilt (1.3.3)
    tzinfo (0.3.30)
    vegas (0.1.8)
      rack (>= 1.0.0)

PLATFORMS
  ruby

DEPENDENCIES
  crowdflower-messageservice!
  heroku
  sinatra
